GEM
  remote: https://rubygems.org/
  specs:
    debase (0.2.1)
      debase-ruby_core_source
    debase-ruby_core_source (0.9.0)
    diff-lcs (1.2.5)
    rake (11.1.2)
    rspec (2.14.1)
      rspec-core (~> 2.14.0)
      rspec-expectations (~> 2.14.0)
      rspec-mocks (~> 2.14.0)
    rspec-core (2.14.8)
    rspec-expectations (2.14.5)
      diff-lcs (>= 1.1.3, < 2.0)
    rspec-mocks (2.14.6)
    ruby-debug-ide (0.6.0)
      rake (>= 0.8.1)

PLATFORMS
  ruby
  x86-mingw32

DEPENDENCIES
  debase
  rspec (~> 2.14)
  ruby-debug-ide

RUBY VERSION
   ruby 2.2.5p319

BUNDLED WITH
   1.12.3
